GIT
  remote: https://github.com/ngiger/eclipse-plugin
  revision: 3304128c0deae0c1a5f8af5f7f621be5858d5395
  specs:
    eclipse-plugin (0.3)
      nokogiri
      rubyzip (< 1.0.0)

PATH
  remote: .
  specs:
    elexis-wiki-interface (0.4.2)
      eclipse-plugin (>= 0.1)
      mediawiki-gateway
      rubyzip (< 1.0.0)
      unicode

GEM
  remote: https://rubygems.org/
  specs:
    diff-lcs (1.2.5)
    docile (1.1.5)
    domain_name (0.5.24)
      unf (>= 0.0.5, < 1.0.0)
    http-cookie (1.0.2)
      domain_name (~> 0.5)
    json (1.8.3)
    mediawiki-gateway (1.0.0)
      rest-client (~> 1.7)
    mime-types (2.6.1)
    mini_portile (0.6.2)
    netrc (0.10.3)
    nokogiri (1.6.6.2)
      mini_portile (~> 0.6.0)
    rake (10.4.2)
    rest-client (1.8.0)
      http-cookie (>= 1.0.2, < 2.0)
      mime-types (>= 1.16, < 3.0)
      netrc (~> 0.7)
    rspec (3.3.0)
      rspec-core (~> 3.3.0)
      rspec-expectations (~> 3.3.0)
      rspec-mocks (~> 3.3.0)
    rspec-core (3.3.2)
      rspec-support (~> 3.3.0)
    rspec-expectations (3.3.1)
      diff-lcs (>= 1.2.0, < 2.0)
      rspec-support (~> 3.3.0)
    rspec-mocks (3.3.2)
      diff-lcs (>= 1.2.0, < 2.0)
      rspec-support (~> 3.3.0)
    rspec-support (3.3.0)
    rubyzip (0.9.9)
    simplecov (0.10.0)
      docile (~> 1.1.0)
      json (~> 1.8)
      simplecov-html (~> 0.10.0)
    simplecov-html (0.10.0)
    unf (0.1.4)
      unf_ext
    unf_ext (0.0.7.1)
    unicode (0.4.4.2)

PLATFORMS
  ruby

DEPENDENCIES
  bundler (~> 1.10)
  eclipse-plugin!
  elexis-wiki-interface!
  rake (~> 10.0)
  rspec
  simplecov

BUNDLED WITH
   1.10.5
