PATH
  remote: .
  specs:
    elexis-wiki-interface (0.5.4)
      eclipse-plugin (>= 0.1)
      mediawiki-gateway
      mediawiki_api
      rubyzip (~> 1.2.1)
      unicode

GEM
  remote: https://rubygems.org/
  specs:
    byebug (9.1.0)
    coderay (1.1.2)
    diff-lcs (1.3)
    docile (1.1.5)
    domain_name (0.5.20170404)
      unf (>= 0.0.5, < 1.0.0)
    eclipse-plugin (0.4)
      nokogiri
      rubyzip (>= 1.2.1)
      zip-zip
    faraday (0.13.1)
      multipart-post (>= 1.2, < 3)
    faraday-cookie_jar (0.0.6)
      faraday (>= 0.7.4)
      http-cookie (~> 1.0.0)
    faraday_middleware (0.12.2)
      faraday (>= 0.7.4, < 1.0)
    http-cookie (1.0.3)
      domain_name (~> 0.5)
    json (2.1.0)
    mediawiki-gateway (1.1.0)
      rest-client (~> 1.7)
    mediawiki_api (0.7.1)
      faraday (~> 0.9, >= 0.9.0)
      faraday-cookie_jar (~> 0.0, >= 0.0.6)
      faraday_middleware (~> 0.10, >= 0.10.0)
    method_source (0.9.0)
    mime-types (2.99.3)
    mini_portile2 (2.3.0)
    multipart-post (2.0.0)
    netrc (0.11.0)
    nokogiri (1.8.1)
      mini_portile2 (~> 2.3.0)
    pry (0.11.3)
      coderay (~> 1.1.0)
      method_source (~> 0.9.0)
    pry-byebug (3.5.0)
      byebug (~> 9.1)
      pry (~> 0.10)
    rake (10.5.0)
    rest-client (1.8.0)
      http-cookie (>= 1.0.2, < 2.0)
      mime-types (>= 1.16, < 3.0)
      netrc (~> 0.7)
    rspec (3.7.0)
      rspec-core (~> 3.7.0)
      rspec-expectations (~> 3.7.0)
      rspec-mocks (~> 3.7.0)
    rspec-core (3.7.0)
      rspec-support (~> 3.7.0)
    rspec-expectations (3.7.0)
      diff-lcs (>= 1.2.0, < 2.0)
      rspec-support (~> 3.7.0)
    rspec-mocks (3.7.0)
      diff-lcs (>= 1.2.0, < 2.0)
      rspec-support (~> 3.7.0)
    rspec-support (3.7.0)
    rubyzip (1.2.1)
    simplecov (0.15.1)
      docile (~> 1.1.0)
      json (>= 1.8, < 3)
      simplecov-html (~> 0.10.0)
    simplecov-html (0.10.2)
    unf (0.1.4)
      unf_ext
    unf_ext (0.0.7.4)
    unicode (0.4.4.4)
    zip-zip (0.3)
      rubyzip (>= 1.0.0)

PLATFORMS
  ruby

DEPENDENCIES
  bundler (~> 1.10)
  eclipse-plugin
  elexis-wiki-interface!
  pry-byebug
  rake (~> 10.0)
  rspec
  simplecov

BUNDLED WITH
   1.16.0
