GIT
  remote: https://github.com/ngiger/eclipse-plugin
  revision: ff6ebe16e4502edf7e32b87358c84c583e1e82fd
  specs:
    eclipse-plugin (0.2)
      nokogiri
      rubyzip (< 1.0.0)

PATH
  remote: .
  specs:
    elexis-wiki-interface (0.2)
      eclipse-plugin (>= 0.1)
      mediawiki-gateway
      rubyzip (< 1.0.0)
      unicode

GEM
  remote: https://rubygems.org/
  specs:
    coderay (1.1.0)
    columnize (0.9.0)
    debugger (1.6.8)
      columnize (>= 0.3.1)
      debugger-linecache (~> 1.2.0)
      debugger-ruby_core_source (~> 1.3.5)
    debugger-linecache (1.2.0)
    debugger-ruby_core_source (1.3.8)
    diff-lcs (1.2.5)
    docile (1.1.5)
    mediawiki-gateway (1.0.0)
      rest-client (~> 1.7)
    method_source (0.8.2)
    mime-types (2.4.3)
    mini_portile (0.6.2)
    multi_json (1.10.1)
    netrc (0.10.2)
    nokogiri (1.6.6.2)
      mini_portile (~> 0.6.0)
    pry (0.10.1)
      coderay (~> 1.1.0)
      method_source (~> 0.8.1)
      slop (~> 3.4)
    pry-debugger (0.2.3)
      debugger (~> 1.3)
      pry (>= 0.9.10, < 0.11.0)
    rake (10.4.2)
    rest-client (1.7.2)
      mime-types (>= 1.16, < 3.0)
      netrc (~> 0.7)
    rspec (3.2.0)
      rspec-core (~> 3.2.0)
      rspec-expectations (~> 3.2.0)
      rspec-mocks (~> 3.2.0)
    rspec-core (3.2.0)
      rspec-support (~> 3.2.0)
    rspec-expectations (3.2.0)
      diff-lcs (>= 1.2.0, < 2.0)
      rspec-support (~> 3.2.0)
    rspec-mocks (3.2.0)
      diff-lcs (>= 1.2.0, < 2.0)
      rspec-support (~> 3.2.0)
    rspec-support (3.2.1)
    rubyzip (0.9.9)
    simplecov (0.9.2)
      docile (~> 1.1.0)
      multi_json (~> 1.0)
      simplecov-html (~> 0.9.0)
    simplecov-html (0.9.0)
    slop (3.6.0)
    unicode (0.4.4.2)

PLATFORMS
  ruby

DEPENDENCIES
  bundler (~> 1.5)
  eclipse-plugin!
  elexis-wiki-interface!
  pry-debugger
  rake
  rspec
  simplecov
